GEM
  remote: http://rubygems.org/
  specs:
    rack (1.3.0)
    sequel (3.22.0)
    sinatra (1.2.6)
      rack (~> 1.1)
      tilt (< 2.0, >= 1.2.2)
    tilt (1.3.1)

PLATFORMS
  ruby

DEPENDENCIES
  sequel (= 3.22.0)
  sinatra (= 1.2.6)
